GEM
  remote: http://rubygems.org/
  specs:
    acl9 (0.12.0)
    actionmailer (2.3.5)
      actionpack (= 2.3.5)
    actionpack (2.3.5)
      activesupport (= 2.3.5)
      rack (~> 1.0.0)
    activerecord (2.3.5)
      activesupport (= 2.3.5)
    activeresource (2.3.5)
      activesupport (= 2.3.5)
    activesupport (2.3.5)
    authlogic (2.1.6)
      activesupport
    chronic (0.3.0)
    geokit (1.5.0)
    i18n (0.4.2)
    libarchive (0.1.2)
    mysql (2.8.1)
    packet (0.1.15)
    rack (1.0.1)
    rails (2.3.5)
      actionmailer (= 2.3.5)
      actionpack (= 2.3.5)
      activerecord (= 2.3.5)
      activeresource (= 2.3.5)
      activesupport (= 2.3.5)
      rake (>= 0.8.3)
    rake (0.8.7)
    system_timer (1.0)

PLATFORMS
  ruby

DEPENDENCIES
  acl9 (>= 0.12.0)
  authlogic (>= 2.1.3)
  chronic (>= 0.2.3)
  geokit (>= 1.5.0)
  i18n (~> 0.4.1)
  libarchive (>= 0.1.2)
  mysql
  packet (>= 0.1.15)
  rails (= 2.3.5)
  system_timer (>= 1.0)
