GEM
  remote: http://rubygems.org/
  specs:
    acl9 (0.12.0)
    actionmailer (2.3.11)
      actionpack (= 2.3.11)
    actionpack (2.3.11)
      activesupport (= 2.3.11)
      rack (~> 1.1.0)
    activerecord (2.3.11)
      activesupport (= 2.3.11)
    activeresource (2.3.11)
      activesupport (= 2.3.11)
    activesupport (2.3.11)
    authlogic (2.1.6)
      activesupport
    chronic (0.3.0)
    columnize (0.3.2)
    geokit (1.5.0)
    i18n (0.4.2)
    libarchive (0.1.2)
    linecache (0.43)
    mysql (2.8.1)
    packet (0.1.15)
    rack (1.1.2)
    rails (2.3.11)
      actionmailer (= 2.3.11)
      actionpack (= 2.3.11)
      activerecord (= 2.3.11)
      activeresource (= 2.3.11)
      activesupport (= 2.3.11)
      rake (>= 0.8.3)
    rake (0.8.7)
    ruby-debug (0.10.4)
      columnize (>= 0.1)
      ruby-debug-base (~> 0.10.4.0)
    ruby-debug-base (0.10.4)
      linecache (>= 0.3)
    somehow_has_relation (0.0.7)
    sqlite3 (1.3.3)
    system_timer (1.0)

PLATFORMS
  ruby

DEPENDENCIES
  acl9 (>= 0.12.0)
  authlogic (>= 2.1.3)
  chronic (>= 0.2.3)
  geokit (>= 1.5.0)
  i18n (~> 0.4.1)
  libarchive (>= 0.1.2)
  mysql
  packet (>= 0.1.15)
  rails (= 2.3.11)
  ruby-debug
  somehow_has_relation (>= 0.0.7)
  sqlite3
  system_timer (>= 1.0)
